GEM
  remote: https://rubygems.org/
  specs:
    cheatset (1.3.4)
      haml
      plist
      redcarpet
      rouge
      sanitize
      sqlite3
      thor
      unindent
    crass (1.0.2)
    haml (4.0.7)
      tilt
    mini_portile2 (2.1.0)
    nokogiri (1.6.8.1)
      mini_portile2 (~> 2.1.0)
    nokogumbo (1.4.10)
      nokogiri
    plist (3.2.0)
    redcarpet (3.3.4)
    rouge (2.0.7)
    sanitize (4.4.0)
      crass (~> 1.0.2)
      nokogiri (>= 1.4.4)
      nokogumbo (~> 1.4.1)
    sqlite3 (1.3.12)
    thor (0.19.4)
    tilt (2.0.5)
    unindent (1.0)

PLATFORMS
  ruby

DEPENDENCIES
  cheatset

RUBY VERSION
   ruby 2.3.3p222

BUNDLED WITH
   1.13.6
